GIT
  remote: https://github.com/cloocher/aggcat
  revision: 7ac2df9dd63b486d7703fd33a4202a977ea54bf0
  specs:
    aggcat (0.4.0)
      activesupport (>= 3.2)
      builder (>= 3.0)
      oauth (>= 0.4)
      xmlhasher

PATH
  remote: gems/gigya
  specs:
    gigya (0.0.1)

PATH
  remote: gems/plink
  specs:
    plink (0.0.1)
      activerecord-sqlserver-adapter (= 3.2.13)
      bcrypt-ruby (= 3.0.0)
      exceptional
      rails (= 3.2.16)
      tango
      tiny_tds (= 0.7.0)

PATH
  remote: gems/plink_admin
  specs:
    plink_admin (0.0.1)
      activerecord-redshift-adapter
      activerecord-sqlserver-adapter (= 3.2.13)
      delayed_job_active_record
      devise (= 2.2.4)
      haml-rails (~> 0.4)
      rails (= 3.2.16)
      tiny_tds (= 0.7.0)
      tire

PATH
  remote: gems/plink_analytics
  specs:
    plink_analytics (0.0.1)
      activerecord-redshift-adapter
      activerecord-sqlserver-adapter (= 3.2.13)
      haml-rails (~> 0.4)
      jasmine (~> 1.3.2)
      rails (= 3.2.16)
      tiny_tds (= 0.7.0)
      tire

PATH
  remote: gems/plink_api
  specs:
    plink_api (0.0.1)
      activerecord-sqlserver-adapter (= 3.2.13)
      aws-sdk (~> 1.34.0)
      griddler (~> 0.6.3)
      rails (= 3.2.16)
      tiny_tds (= 0.7.0)
      tire

PATH
  remote: gems/tango
  specs:
    tango (0.0.1)
      faraday (~> 0.8.7)
      json (~> 1.8.0)

GEM
  remote: https://rubygems.org/
  specs:
    actionmailer (3.2.16)
      actionpack (= 3.2.16)
      mail (~> 2.5.4)
    actionpack (3.2.16)
      activemodel (= 3.2.16)
      activesupport (= 3.2.16)
      builder (~> 3.0.0)
      erubis (~> 2.7.0)
      journey (~> 1.0.4)
      rack (~> 1.4.5)
      rack-cache (~> 1.2)
      rack-test (~> 0.6.1)
      sprockets (~> 2.2.1)
    activemodel (3.2.16)
      activesupport (= 3.2.16)
      builder (~> 3.0.0)
    activerecord (3.2.16)
      activemodel (= 3.2.16)
      activesupport (= 3.2.16)
      arel (~> 3.0.2)
      tzinfo (~> 0.3.29)
    activerecord-redshift-adapter (0.9.12)
      activerecord (>= 3.0.0)
      activesupport (>= 3.0.0)
      arel (>= 3.0.0)
      pg
    activerecord-sqlserver-adapter (3.2.13)
      activerecord (~> 3.2.0)
    activeresource (3.2.16)
      activemodel (= 3.2.16)
      activesupport (= 3.2.16)
    activesupport (3.2.16)
      i18n (~> 0.6, >= 0.6.4)
      multi_json (~> 1.0)
    addressable (2.4.0)
    aggregate (0.2.2)
    ansi (1.5.0)
    arel (3.0.3)
    aws-sdk (1.34.1)
      json (~> 1.4)
      nokogiri (>= 1.4.4)
      uuidtools (~> 2.1)
    bcrypt-ruby (3.0.0)
    builder (3.0.4)
    capistrano (2.15.7)
      highline
      net-scp (>= 1.0.0)
      net-sftp (>= 2.0.0)
      net-ssh (>= 2.0.14)
      net-ssh-gateway (>= 1.1.0)
    capistrano-ext (1.2.1)
      capistrano (>= 1.0.0)
    capybara (2.1.0)
      mime-types (>= 1.16)
      nokogiri (>= 1.3.3)
      rack (>= 1.0.0)
      rack-test (>= 0.5.4)
      xpath (~> 2.0)
    capybara-webkit (1.0.0)
      capybara (~> 2.0, >= 2.0.2)
      json
    childprocess (0.5.8)
      ffi (~> 1.0, >= 1.0.11)
    coderay (1.1.0)
    coffee-rails (3.2.2)
      coffee-script (>= 2.2.0)
      railties (~> 3.2.0)
    coffee-script (2.4.1)
      coffee-script-source
      execjs
    coffee-script-source (1.10.0)
    crack (0.4.3)
      safe_yaml (~> 1.0.0)
    daemons (1.1.9)
    database_cleaner (1.0.1)
    delayed_job (4.0.6)
      activesupport (>= 3.0, < 5.0)
    delayed_job_active_record (4.0.3)
      activerecord (>= 3.0, < 5.0)
      delayed_job (>= 3.0, < 4.1)
    devise (2.2.4)
      bcrypt-ruby (~> 3.0)
      orm_adapter (~> 0.1)
      railties (~> 3.1)
      warden (~> 1.2.1)
    diff-lcs (1.2.5)
    domain_name (0.5.25)
      unf (>= 0.0.5, < 1.0.0)
    erubis (2.7.0)
    escape_utils (1.1.0)
    eventmachine (1.0.8)
    exceptional (2.0.33)
      rack
    execjs (2.6.0)
    faraday (0.8.11)
      multipart-post (~> 1.2.0)
    ffi (1.9.10)
    foreman (0.78.0)
      thor (~> 0.19.1)
    griddler (0.6.4)
      htmlentities
      rails (>= 3.2.0)
    haml (4.0.7)
      tilt
    haml-rails (0.4)
      actionpack (>= 3.1, < 4.1)
      activesupport (>= 3.1, < 4.1)
      haml (>= 3.1, < 4.1)
      railties (>= 3.1, < 4.1)
    hashr (0.0.22)
    hetchy (1.0.0)
    highline (1.7.8)
    hike (1.2.3)
    htmlentities (4.3.4)
    http-cookie (1.0.2)
      domain_name (~> 0.5)
    i18n (0.7.0)
    jasmine (1.3.2)
      jasmine-core (~> 1.3.1)
      rack (~> 1.0)
      rspec (>= 1.3.1)
      selenium-webdriver (>= 0.1.3)
    jasmine-core (1.3.1)
    journey (1.0.4)
    jquery-rails (3.0.4)
      railties (>= 3.0, < 5.0)
      thor (>= 0.14, < 2.0)
    json (1.8.3)
    kgio (2.10.0)
    launchy (2.3.0)
      addressable (~> 2.3)
    librato-metrics (1.6.0)
      aggregate (~> 0.2.2)
      faraday (~> 0.7)
      multi_json
    librato-rack (0.5.0)
      hetchy (~> 1.0)
      librato-metrics (~> 1.1)
    librato-rails (1.0.0)
      activesupport (>= 3.0)
      librato-rack (= 0.5.0)
      railties (>= 3.0)
    mail (2.5.4)
      mime-types (~> 1.16)
      treetop (~> 1.4.8)
    method_source (0.8.2)
    mime-types (1.25.1)
    mini_portile (0.6.2)
    mini_portile2 (2.0.0)
    multi_json (1.11.2)
    multipart-post (1.2.0)
    net-scp (1.2.1)
      net-ssh (>= 2.6.5)
    net-sftp (2.1.2)
      net-ssh (>= 2.6.5)
    net-ssh (3.0.1)
    net-ssh-gateway (1.2.0)
      net-ssh (>= 2.6.5)
    netrc (0.11.0)
    newrelic_rpm (3.14.1.311)
    nokogiri (1.6.7)
      mini_portile2 (~> 2.0.0.rc2)
    oauth (0.4.7)
    orm_adapter (0.5.0)
    ox (2.2.2)
    pg (0.18.4)
    polyglot (0.3.5)
    pry (0.10.3)
      coderay (~> 1.1.0)
      method_source (~> 0.8.1)
      slop (~> 3.4)
    quiet_assets (1.1.0)
      railties (>= 3.1, < 5.0)
    rack (1.4.7)
    rack-cache (1.5.1)
      rack (>= 0.4)
    rack-ssl (1.3.4)
      rack
    rack-test (0.6.3)
      rack (>= 1.0)
    rails (3.2.16)
      actionmailer (= 3.2.16)
      actionpack (= 3.2.16)
      activerecord (= 3.2.16)
      activeresource (= 3.2.16)
      activesupport (= 3.2.16)
      bundler (~> 1.0)
      railties (= 3.2.16)
    railties (3.2.16)
      actionpack (= 3.2.16)
      activesupport (= 3.2.16)
      rack-ssl (~> 1.3.2)
      rake (>= 0.8.7)
      rdoc (~> 3.4)
      thor (>= 0.14.6, < 2.0)
    raindrops (0.15.0)
    rake (10.4.2)
    rdoc (3.12.2)
      json (~> 1.4)
    rest-client (1.8.0)
      http-cookie (>= 1.0.2, < 2.0)
      mime-types (>= 1.16, < 3.0)
      netrc (~> 0.7)
    rspec (2.99.0)
      rspec-core (~> 2.99.0)
      rspec-expectations (~> 2.99.0)
      rspec-mocks (~> 2.99.0)
    rspec-collection_matchers (1.1.2)
      rspec-expectations (>= 2.99.0.beta1)
    rspec-core (2.99.2)
    rspec-expectations (2.99.2)
      diff-lcs (>= 1.1.3, < 2.0)
    rspec-mocks (2.99.4)
    rspec-rails (2.99.0)
      actionpack (>= 3.0)
      activemodel (>= 3.0)
      activesupport (>= 3.0)
      railties (>= 3.0)
      rspec-collection_matchers
      rspec-core (~> 2.99.0)
      rspec-expectations (~> 2.99.0)
      rspec-mocks (~> 2.99.0)
    rspec-retry (0.4.5)
      rspec-core
    rubyzip (1.1.7)
    safe_yaml (1.0.4)
    sass (3.4.20)
    sass-rails (3.2.6)
      railties (~> 3.2.0)
      sass (>= 3.1.10)
      tilt (~> 1.3)
    selenium-webdriver (2.38.0)
      childprocess (>= 0.2.5)
      multi_json (~> 1.0)
      rubyzip (~> 1.0)
      websocket (~> 1.0.4)
    slop (3.6.0)
    sprockets (2.2.3)
      hike (~> 1.2)
      multi_json (~> 1.0)
      rack (~> 1.0)
      tilt (~> 1.1, != 1.3.0)
    statsd-instrument (2.0.10)
    thin (1.6.4)
      daemons (~> 1.0, >= 1.0.9)
      eventmachine (~> 1.0, >= 1.0.4)
      rack (~> 1.0)
    thor (0.19.1)
    tilt (1.4.1)
    tiny_tds (0.7.0)
      mini_portile (= 0.6.2)
    tire (0.6.2)
      activemodel (>= 3.0)
      activesupport
      ansi
      hashr (~> 0.0.19)
      multi_json (~> 1.3)
      rake
      rest-client (~> 1.6)
    treetop (1.4.15)
      polyglot
      polyglot (>= 0.3.1)
    tzinfo (0.3.46)
    uglifier (2.7.2)
      execjs (>= 0.3.0)
      json (>= 1.8.0)
    unf (0.1.4)
      unf_ext
    unf_ext (0.0.7.1)
    unicorn (5.0.1)
      kgio (~> 2.6)
      rack
      raindrops (~> 0.7)
    uuidtools (2.1.5)
    vcr (2.8.0)
    warden (1.2.4)
      rack (>= 1.0)
    webmock (1.15.2)
      addressable (>= 2.2.7)
      crack (>= 0.3.2)
    websocket (1.0.7)
    xmlhasher (0.0.6)
      escape_utils (>= 0.3.2)
      ox (>= 2.0)
    xpath (2.0.0)
      nokogiri (~> 1.3)

PLATFORMS
  ruby

DEPENDENCIES
  activerecord-redshift-adapter
  activerecord-sqlserver-adapter (= 3.2.13)
  aggcat!
  aws-sdk (~> 1.34.0)
  capistrano (~> 2.15.5)
  capistrano-ext
  capybara (~> 2.1.0)
  capybara-webkit (~> 1.0.0)
  coffee-rails (~> 3.2.1)
  daemons (~> 1.1.9)
  database_cleaner (~> 1.0.1)
  delayed_job_active_record (~> 4.0.0)
  exceptional
  execjs
  foreman
  gigya!
  haml-rails (~> 0.4)
  jasmine (~> 1.3.2)
  jquery-rails (~> 3.0.1)
  launchy (= 2.3.0)
  librato-rails
  newrelic_rpm
  nokogiri (~> 1.6.0)
  plink!
  plink_admin!
  plink_analytics!
  plink_api!
  pry
  quiet_assets
  rails (= 3.2.16)
  rspec-rails (~> 2.14)
  rspec-retry
  sass-rails (~> 3.2.3)
  selenium-webdriver (= 2.38.0)
  statsd-instrument
  tango!
  thin
  tiny_tds (= 0.7.0)
  tire
  uglifier (>= 1.0.3)
  unicorn
  vcr (~> 2.8.0)
  webmock (= 1.15.2)

BUNDLED WITH
   1.10.6
