PATH
  remote: .
  specs:
    tango (0.0.1)
      faraday (~> 0.8.7)
      json (~> 1.8.0)

GEM
  remote: https://rubygems.org/
  specs:
    actionpack (4.0.1)
      activesupport (= 4.0.1)
      builder (~> 3.1.0)
      erubis (~> 2.7.0)
      rack (~> 1.5.2)
      rack-test (~> 0.6.2)
    activesupport (4.0.1)
      i18n (~> 0.6, >= 0.6.4)
      minitest (~> 4.2)
      multi_json (~> 1.3)
      thread_safe (~> 0.1)
      tzinfo (~> 0.3.37)
    artifice (0.6)
      rack-test
    atomic (1.1.14)
    builder (3.1.4)
    coderay (1.0.9)
    diff-lcs (1.2.4)
    erubis (2.7.0)
    faraday (0.8.7)
      multipart-post (~> 1.1)
    i18n (0.6.5)
    json (1.8.0)
    method_source (0.8.2)
    minitest (4.7.5)
    multi_json (1.8.2)
    multipart-post (1.2.0)
    pry (0.9.12.2)
      coderay (~> 1.0.5)
      method_source (~> 0.8)
      slop (~> 3.4)
    rack (1.5.2)
    rack-test (0.6.2)
      rack (>= 1.0)
    railties (4.0.1)
      actionpack (= 4.0.1)
      activesupport (= 4.0.1)
      rake (>= 0.8.7)
      thor (>= 0.18.1, < 2.0)
    rake (10.0.4)
    rspec (2.13.0)
      rspec-core (~> 2.13.0)
      rspec-expectations (~> 2.13.0)
      rspec-mocks (~> 2.13.0)
    rspec-core (2.13.1)
    rspec-expectations (2.13.0)
      diff-lcs (>= 1.1.3, < 2.0)
    rspec-mocks (2.13.1)
    rspec-rails (2.13.2)
      actionpack (>= 3.0)
      activesupport (>= 3.0)
      railties (>= 3.0)
      rspec-core (~> 2.13.0)
      rspec-expectations (~> 2.13.0)
      rspec-mocks (~> 2.13.0)
    shoulda-matchers (2.4.0)
      activesupport (>= 3.0.0)
    slop (3.4.6)
    thor (0.18.1)
    thread_safe (0.1.3)
      atomic
    tzinfo (0.3.38)

PLATFORMS
  ruby

DEPENDENCIES
  artifice (~> 0.6)
  bundler (~> 1.3)
  pry
  rake
  rspec (~> 2.13.0)
  rspec-rails
  shoulda-matchers
  tango!
