PATH
  remote: .
  specs:
    tango (0.0.1)
      faraday (~> 0.8.7)
      json (~> 1.8.0)

GEM
  remote: https://rubygems.org/
  specs:
    artifice (0.6)
      rack-test
    diff-lcs (1.2.4)
    faraday (0.8.7)
      multipart-post (~> 1.1)
    json (1.8.0)
    multipart-post (1.2.0)
    rack (1.5.2)
    rack-test (0.6.2)
      rack (>= 1.0)
    rake (10.0.4)
    rspec (2.13.0)
      rspec-core (~> 2.13.0)
      rspec-expectations (~> 2.13.0)
      rspec-mocks (~> 2.13.0)
    rspec-core (2.13.1)
    rspec-expectations (2.13.0)
      diff-lcs (>= 1.1.3, < 2.0)
    rspec-mocks (2.13.1)

PLATFORMS
  ruby

DEPENDENCIES
  artifice (~> 0.6)
  bundler (~> 1.3)
  rake
  rspec (~> 2.13.0)
  tango!
